GEM
  remote: https://rubygems.org/
  specs:
    CFPropertyList (2.2.8)
    facter (2.4.6)
      CFPropertyList (~> 2.2.6)
    faraday (0.9.2)
      multipart-post (>= 1.2, < 3)
    faraday_middleware (0.10.0)
      faraday (>= 0.7.4, < 0.10)
    fast_gettext (1.1.0)
    gettext (3.2.2)
      locale (>= 2.0.5)
      text (>= 1.3.0)
    gettext-setup (0.7)
      fast_gettext (~> 1.1.0)
      gettext (>= 3.0.2)
    hiera (3.2.1)
    json (1.8.3)
    json_pure (1.8.3)
    librarian-puppet (2.2.3)
      librarianp (>= 0.6.3)
      puppet_forge (~> 2.1)
      rsync
    librarianp (0.6.3)
      thor (~> 0.15)
    locale (2.1.2)
    mini_portile2 (2.1.0)
    minitar (0.5.4)
    minitest (5.9.1)
    multipart-post (2.0.0)
    nokogiri (1.6.8.1)
      mini_portile2 (~> 2.1.0)
    puppet (4.7.0)
      CFPropertyList (~> 2.2.6)
      facter (> 2.0, < 4)
      hiera (>= 2.0, < 4)
      json_pure (~> 1.8)
    puppet_forge (2.2.2)
      faraday (~> 0.9.0)
      faraday_middleware (>= 0.9.0, < 0.11.0)
      gettext-setup (>= 0.3)
      minitar
      semantic_puppet (~> 0.1.0)
    rake (11.3.0)
    rdoc (4.2.2)
      json (~> 1.4)
    rsync (1.0.9)
    semantic_puppet (0.1.4)
      gettext-setup (>= 0.3)
    spidr (0.6.0)
      nokogiri (~> 1.3)
    text (1.3.1)
    thor (0.19.1)
    wordlist (0.1.1)
      spidr (~> 0.2)
    yard (0.9.5)

PLATFORMS
  ruby

DEPENDENCIES
  librarian-puppet
  minitest
  nokogiri
  puppet
  rake
  rdoc
  wordlist
  yard

BUNDLED WITH
   1.12.5
