GIT
  remote: http://github.com/robertjwhitney/programr.git
  revision: 9885f3870407f57c3e2ca1fe644ed10573629ca6
  specs:
    programr (0.0.2)

GEM
  remote: https://rubygems.org/
  specs:
    bcrypt (3.1.12)
    chunky_png (1.3.10)
    cinch (2.3.4)
    concurrent-ruby (1.0.5)
    credy (0.2.1)
      thor (~> 0.19.1)
    digest-sha3 (1.1.0)
    duplicate (1.1.1)
    facter (2.5.1)
    faker (1.9.1)
      i18n (>= 0.7)
    faraday (0.13.1)
      multipart-post (>= 1.2, < 3)
    faraday_middleware (0.12.2)
      faraday (>= 0.7.4, < 1.0)
    fast_gettext (1.1.2)
    forgery (0.7.0)
    gettext (3.2.9)
      locale (>= 2.0.5)
      text (>= 1.3.0)
    gettext-setup (0.30)
      fast_gettext (~> 1.1.0)
      gettext (>= 3.0.2)
      locale
    hiera (3.4.5)
    hocon (1.2.5)
    httpclient (2.8.3)
    i18n (1.1.0)
      concurrent-ruby (~> 1.0)
    json (2.1.0)
    librarian-puppet (3.0.0)
      librarianp (>= 0.6.3)
      puppet_forge (~> 2.1)
      rsync
    librarianp (0.6.4)
      thor (~> 0.15)
    locale (2.1.2)
    mini_exiftool (2.9.0)
    mini_exiftool_vendored (9.2.7.v1)
      mini_exiftool (>= 1.6.0)
    mini_portile2 (2.3.0)
    minitar (0.6.1)
    minitest (5.11.3)
    multi_json (1.13.1)
    multipart-post (2.0.0)
    nokogiri (1.8.4)
      mini_portile2 (~> 2.3.0)
    nori (2.6.0)
    ovirt-engine-sdk (4.2.4)
      json (>= 1, < 3)
    pg (1.1.3)
    process_helper (0.1.2)
    puppet (6.0.0)
      facter (> 2.0.1, < 4)
      fast_gettext (~> 1.1.2)
      hiera (>= 3.2.1, < 4)
      httpclient (~> 2.8)
      locale (~> 2.1)
      multi_json (~> 1.10)
      puppet-resource_api (~> 1.5)
      semantic_puppet (~> 1.0)
    puppet-resource_api (1.5.0)
      hocon (>= 1.0)
    puppet_forge (2.2.9)
      faraday (>= 0.9.0, < 0.14.0)
      faraday_middleware (>= 0.9.0, < 0.13.0)
      gettext-setup (~> 0.11)
      minitar
      semantic_puppet (~> 1.0)
    rake (12.3.1)
    rdoc (6.0.4)
    redcarpet (3.4.0)
    rmagick (2.16.0)
    rqrcode (0.10.1)
      chunky_png (~> 1.0)
    rsync (1.0.9)
    rubyzip (1.2.2)
    semantic_puppet (1.0.2)
    smbhash (1.0.2)
    spidr (0.6.0)
      nokogiri (~> 1.3)
    sshkey (1.9.0)
    text (1.3.1)
    thor (0.19.4)
    wordlist (0.1.1)
      spidr (~> 0.2)
    yard (0.9.16)
    zip-zip (0.3)
      rubyzip (>= 1.0.0)
    zipruby (0.3.6)

PLATFORMS
  ruby

DEPENDENCIES
  bcrypt
  cinch
  credy
  digest-sha3
  duplicate
  faker
  forgery
  librarian-puppet
  mini_exiftool_vendored
  minitest
  nokogiri
  nori
  ovirt-engine-sdk
  pg
  process_helper
  programr!
  puppet
  rake
  rdoc
  redcarpet
  rmagick
  rqrcode
  smbhash
  sshkey
  wordlist
  yard
  zip-zip
  zipruby

BUNDLED WITH
   1.16.1
